GIT
  remote: https://github.com/jawspeak/zipruby-compatibility-with-rubyzip-fork.git
  revision: f0e0668599cd95adb5d5024773a7b9eb16869a79
  tag: v0.3.7
  specs:
    zipruby-compat (0.3.7)

GEM
  remote: https://gemuser:K6c1mcRWtrTQepS6aI8HRXc7DPoRYXbG@dev.xikolo.de/gems/
  specs:
    accept_values_for (0.7.3)
      activemodel (>= 4.2, < 5.1)
      rspec (>= 2.0, < 4.0)
    acfs (0.48.2)
      actionpack (>= 3.1)
      activemodel (>= 3.1)
      activesupport (>= 3.1)
      multi_json
      rack
      typhoeus (~> 1.0)
    actionmailer (4.2.8)
      actionpack (= 4.2.8)
      actionview (= 4.2.8)
      activejob (= 4.2.8)
      mail (~> 2.5, >= 2.5.4)
      rails-dom-testing (~> 1.0, >= 1.0.5)
    actionpack (4.2.8)
      actionview (= 4.2.8)
      activesupport (= 4.2.8)
      rack (~> 1.6)
      rack-test (~> 0.6.2)
      rails-dom-testing (~> 1.0, >= 1.0.5)
      rails-html-sanitizer (~> 1.0, >= 1.0.2)
    actionview (4.2.8)
      activesupport (= 4.2.8)
      builder (~> 3.1)
      erubis (~> 2.7.0)
      rails-dom-testing (~> 1.0, >= 1.0.5)
      rails-html-sanitizer (~> 1.0, >= 1.0.3)
    activejob (4.2.8)
      activesupport (= 4.2.8)
      globalid (>= 0.3.0)
    activemodel (4.2.8)
      activesupport (= 4.2.8)
      builder (~> 3.1)
    activerecord (4.2.8)
      activemodel (= 4.2.8)
      activesupport (= 4.2.8)
      arel (~> 6.0)
    activesupport (4.2.8)
      i18n (~> 0.7)
      minitest (~> 5.1)
      thread_safe (~> 0.3, >= 0.3.4)
      tzinfo (~> 1.1)
    addressable (2.5.1)
      public_suffix (~> 2.0, >= 2.0.2)
    amq-protocol (2.1.0)
    api-responder (1.0.1)
      activesupport
    arel (6.0.4)
    axlsx (1.3.6)
      htmlentities (~> 4.3.1)
      nokogiri (>= 1.4.1)
      rubyzip (>= 0.9.5)
    axlsx_rails (0.1.5)
      axlsx
      rails (>= 3.1)
    base62-rb (0.3.1)
    bcrypt (3.1.11)
    better_errors (2.1.1)
      coderay (>= 1.0.0)
      erubis (>= 2.6.6)
      rack (>= 0.9.0)
    binding_of_caller (0.7.2)
      debug_inspector (>= 0.0.1)
    browser (2.3.0)
    builder (3.2.3)
    bunny (2.6.5)
      amq-protocol (>= 2.1.0)
    business_time (0.7.6)
      activesupport (>= 3.1.0)
      tzinfo
    byebug (9.0.6)
    callsite (0.0.11)
    coderay (1.1.1)
    coffee-rails (4.0.1)
      coffee-script (>= 2.2.0)
      railties (>= 4.0.0, < 5.0)
    coffee-script (2.4.1)
      coffee-script-source
      execjs
    coffee-script-source (1.12.2)
    colored (1.2)
    concurrent-ruby (1.0.5)
    connection_pool (2.2.1)
    cookiejar (0.3.3)
    crack (0.4.3)
      safe_yaml (~> 1.0.0)
    database_cleaner (1.5.3)
    debug_inspector (0.0.2)
    decorate-responder (1.0.3)
    diff-lcs (1.3)
    docile (1.1.5)
    domain_name (0.5.20170223)
      unf (>= 0.0.5, < 1.0.0)
    draper (2.1.0)
      actionpack (>= 3.0)
      activemodel (>= 3.0)
      activesupport (>= 3.0)
      request_store (~> 1.0)
    elasticsearch (5.0.3)
      elasticsearch-api (= 5.0.3)
      elasticsearch-transport (= 5.0.3)
    elasticsearch-api (5.0.3)
      multi_json
    elasticsearch-transport (5.0.3)
      faraday
      multi_json
    em-http-request (1.1.5)
      addressable (>= 2.3.4)
      cookiejar (!= 0.3.1)
      em-socksify (>= 0.3)
      eventmachine (>= 1.0.3)
      http_parser.rb (>= 0.6.0)
    em-socksify (0.3.1)
      eventmachine (>= 1.0.0.beta.4)
    erubis (2.7.0)
    et-orbi (1.0.2)
      tzinfo
    ethon (0.10.1)
      ffi (>= 1.3.0)
    eventmachine (1.2.3)
    execjs (2.7.0)
    factory_girl (4.8.0)
      activesupport (>= 3.0.0)
    factory_girl_rails (4.8.0)
      factory_girl (~> 4.8.0)
      railties (>= 3.0.0)
    faraday (0.11.0)
      multipart-post (>= 1.2, < 3)
    faraday_middleware (0.10.1)
      faraday (>= 0.7.4, < 1.0)
    faraday_middleware-multi_json (0.0.6)
      faraday_middleware
      multi_json
    ffi (1.9.18)
    forgery (0.6.0)
    geminabox (0.13.5)
      builder
      faraday
      httpclient (>= 2.2.7)
      nesty
      sinatra (>= 1.2.7)
    geminabox-rake (1.1.0)
      bundler (~> 1.3)
      geminabox
    geoip (1.6.3)
    git-version-bump (0.15.1)
    globalid (0.3.7)
      activesupport (>= 4.1.0)
    hashdiff (0.3.2)
    hashie (3.5.5)
    hike (1.2.3)
    htmlentities (4.3.4)
    http-cookie (1.0.3)
      domain_name (~> 0.5)
    http_parser.rb (0.6.0)
    httpclient (2.8.3)
    i18n (0.8.1)
    iso_country_codes (0.7.7)
    jbuilder (2.6.3)
      activesupport (>= 3.0.0, < 5.2)
      multi_json (~> 1.2)
    jquery-rails (4.3.1)
      rails-dom-testing (>= 1, < 3)
      railties (>= 4.2.0)
      thor (>= 0.14, < 2.0)
    json (1.8.6)
    jwt (1.5.6)
    kgio (2.11.0)
    libv8 (3.16.14.19)
    link_header (0.0.8)
    lograge (0.3.6)
      actionpack (>= 3)
      activesupport (>= 3)
      railties (>= 3)
    loofah (2.0.3)
      nokogiri (>= 1.5.9)
    mail (2.6.4)
      mime-types (>= 1.16, < 4)
    mechanize (2.7.5)
      domain_name (~> 0.5, >= 0.5.1)
      http-cookie (~> 1.0)
      mime-types (>= 1.17.2)
      net-http-digest_auth (~> 1.1, >= 1.1.1)
      net-http-persistent (~> 2.5, >= 2.5.2)
      nokogiri (~> 1.6)
      ntlm-http (~> 0.1, >= 0.1.1)
      webrobots (>= 0.0.9, < 0.2)
    meta_request (0.4.0)
      callsite (~> 0.0, >= 0.0.11)
      rack-contrib (~> 1.1)
      railties (>= 3.0.0, < 5.1.0)
    method_source (0.8.2)
    mime-types (3.1)
      mime-types-data (~> 3.2015)
    mime-types-data (3.2016.0521)
    mini_portile2 (2.1.0)
    minitest (5.10.1)
    msgr (0.15.0)
      activesupport
      bunny (>= 1.4, < 3.0)
      multi_json
    multi_json (1.12.1)
    multi_xml (0.6.0)
    multipart-post (2.0.0)
    murmurhash3 (0.1.6)
    neo4j-core (7.0.8)
      activesupport (>= 4.0)
      faraday (>= 0.9.0)
      faraday_middleware (~> 0.10.0)
      faraday_middleware-multi_json
      httpclient
      json
      multi_json
      neo4j-rake_tasks (>= 0.3.0)
      net-http-persistent (~> 2.9.4)
    neo4j-rake_tasks (0.7.11)
      colored
      os
      rake
      ruby-progressbar
      rubyzip (>= 1.1.7)
    nesty (1.0.2)
    net-http-digest_auth (1.4.1)
    net-http-persistent (2.9.4)
    netrc (0.11.0)
    newrelic_rpm (4.0.0.332)
    nokogiri (1.7.1)
      mini_portile2 (~> 2.1.0)
    ntlm-http (0.1.1)
    oauth (0.5.1)
    oauth2 (1.3.1)
      faraday (>= 0.8, < 0.12)
      jwt (~> 1.0)
      multi_json (~> 1.3)
      multi_xml (~> 0.5)
      rack (>= 1.2, < 3)
    os (1.0.0)
    paginate-responder (1.6.0)
      rack-link_headers (>= 2.2)
    paper_trail (6.0.2)
      activerecord (>= 4.0, < 5.2)
      request_store (~> 1.1)
    pg (0.20.0)
    pry (0.10.4)
      coderay (~> 1.1.0)
      method_source (~> 0.8.1)
      slop (~> 3.4)
    pry-byebug (3.4.2)
      byebug (~> 9.0)
      pry (~> 0.10)
    public_suffix (2.0.5)
    rack (1.6.5)
    rack-contrib (1.4.0)
      git-version-bump (~> 0.15)
      rack (~> 1.4)
    rack-link_headers (2.2.2)
      rack
    rack-protection (1.5.3)
      rack
    rack-remote (1.1.0)
      multi_json
      rack
    rack-test (0.6.3)
      rack (>= 1.0)
    rails (4.2.8)
      actionmailer (= 4.2.8)
      actionpack (= 4.2.8)
      actionview (= 4.2.8)
      activejob (= 4.2.8)
      activemodel (= 4.2.8)
      activerecord (= 4.2.8)
      activesupport (= 4.2.8)
      bundler (>= 1.3.0, < 2.0)
      railties (= 4.2.8)
      sprockets-rails
    rails-api (0.4.1)
      actionpack (>= 3.2.11)
      railties (>= 3.2.11)
    rails-deprecated_sanitizer (1.0.3)
      activesupport (>= 4.2.0.alpha)
    rails-dom-testing (1.0.8)
      activesupport (>= 4.2.0.beta, < 5.0)
      nokogiri (~> 1.6)
      rails-deprecated_sanitizer (>= 1.0.1)
    rails-html-sanitizer (1.0.3)
      loofah (~> 2.0)
    rails-rfc6570 (0.3.0)
      actionpack (>= 4, < 5)
      addressable (~> 2.3)
    railties (4.2.8)
      actionpack (= 4.2.8)
      activesupport (= 4.2.8)
      rake (>= 0.8.7)
      thor (>= 0.18.1, < 2.0)
    raindrops (0.18.0)
    rake (12.0.0)
    rdoc (4.3.0)
    redis (3.3.3)
    redis-activesupport (5.0.2)
      activesupport (>= 3, < 6)
      redis-store (~> 1.3.0)
    redis-namespace (1.5.3)
      redis (~> 3.0, >= 3.0.4)
    redis-store (1.3.0)
      redis (>= 2.2)
    ref (2.0.0)
    request_store (1.3.2)
    responders (2.3.0)
      railties (>= 4.2.0, < 5.1)
    rest-client (2.0.1)
      http-cookie (>= 1.0.2, < 2.0)
      mime-types (>= 1.16, < 4.0)
      netrc (~> 0.8)
    restify (1.0.0)
      activesupport
      addressable (~> 2.3)
      concurrent-ruby (~> 1.0)
      em-http-request (~> 1.1.3)
      eventmachine (>= 1.2)
      hashie (~> 3.3)
      rack
    rserve-client (0.3.1)
    rspec (3.5.0)
      rspec-core (~> 3.5.0)
      rspec-expectations (~> 3.5.0)
      rspec-mocks (~> 3.5.0)
    rspec-collection_matchers (1.1.3)
      rspec-expectations (>= 2.99.0.beta1)
    rspec-core (3.5.4)
      rspec-support (~> 3.5.0)
    rspec-expectations (3.5.0)
      diff-lcs (>= 1.2.0, < 2.0)
      rspec-support (~> 3.5.0)
    rspec-its (1.2.0)
      rspec-core (>= 3.0.0)
      rspec-expectations (>= 3.0.0)
    rspec-mocks (3.5.0)
      diff-lcs (>= 1.2.0, < 2.0)
      rspec-support (~> 3.5.0)
    rspec-rails (3.5.2)
      actionpack (>= 3.0)
      activesupport (>= 3.0)
      railties (>= 3.0)
      rspec-core (~> 3.5.0)
      rspec-expectations (~> 3.5.0)
      rspec-mocks (~> 3.5.0)
      rspec-support (~> 3.5.0)
    rspec-sidekiq (2.2.0)
      rspec (~> 3.0, >= 3.0.0)
      sidekiq (>= 2.4.0)
    rspec-support (3.5.0)
    ruby-prof (0.16.2)
    ruby-progressbar (1.8.1)
    rubyzip (1.1.7)
    rufus-scheduler (3.4.0)
      et-orbi (~> 1.0)
    safe_yaml (1.0.4)
    sass (3.2.19)
    sass-rails (4.0.5)
      railties (>= 4.0.0, < 5.0)
      sass (~> 3.2.2)
      sprockets (~> 2.8, < 3.0)
      sprockets-rails (~> 2.0)
    sdoc (0.4.2)
      json (~> 1.7, >= 1.7.7)
      rdoc (~> 4.0)
    sidekiq (4.2.10)
      concurrent-ruby (~> 1.0)
      connection_pool (~> 2.2, >= 2.2.0)
      rack-protection (>= 1.5.0)
      redis (~> 3.2, >= 3.2.1)
    sidekiq-cron (0.4.5)
      redis-namespace (>= 1.5.2)
      rufus-scheduler (>= 2.0.24)
      sidekiq (>= 4.2.1)
    simplecov (0.14.1)
      docile (~> 1.1.0)
      json (>= 1.8, < 3)
      simplecov-html (~> 0.10.0)
    simplecov-html (0.10.0)
    sinatra (1.4.8)
      rack (~> 1.5)
      rack-protection (~> 1.4)
      tilt (>= 1.3, < 3)
    slim (3.0.7)
      temple (~> 0.7.6)
      tilt (>= 1.3.3, < 2.1)
    slop (3.6.0)
    sorcery (0.10.3)
      bcrypt (~> 3.1)
      oauth (~> 0.4, >= 0.4.4)
      oauth2 (~> 1.0, >= 0.8.0)
    spring (2.0.1)
      activesupport (>= 4.2)
    sprockets (2.12.4)
      hike (~> 1.2)
      multi_json (~> 1.0)
      rack (~> 1.0)
      tilt (~> 1.1, != 1.3.0)
    sprockets-rails (2.3.3)
      actionpack (>= 3.0)
      activesupport (>= 3.0)
      sprockets (>= 2.8, < 4.0)
    temple (0.7.7)
    therubyracer (0.12.3)
      libv8 (~> 3.16.14.15)
      ref
    thor (0.19.4)
    thread_safe (0.3.6)
    tilt (1.4.1)
    turbolinks (5.0.1)
      turbolinks-source (~> 5)
    turbolinks-source (5.0.0)
    typhoeus (1.1.2)
      ethon (>= 0.9.0)
    tzinfo (1.2.3)
      thread_safe (~> 0.1)
    uglifier (3.1.11)
      execjs (>= 0.3.0, < 3)
    unf (0.1.4)
      unf_ext
    unf_ext (0.0.7.2)
    unicorn (5.2.0)
      kgio (~> 2.6)
      raindrops (~> 0.7)
    uuid4 (1.3.2)
      base62-rb (~> 0.3.0)
    validates_email_format_of (1.6.3)
      i18n
    webmock (2.3.2)
      addressable (>= 2.3.6)
      crack (>= 0.3.2)
      hashdiff
    webrobots (0.1.2)
    will_paginate (3.1.5)
    xikolo-account (6.0.1)
      acfs (~> 0.46)
      activesupport
      xikolo-file (~> 1.0)
      xikolo-richtext (~> 3.0)
    xikolo-common (1.4.0)
      activesupport
      addressable
      lograge (~> 0.3.5)
      railties
      restify
    xikolo-config (1.74)
      activesupport
    xikolo-course (9.9.1)
      acfs (~> 0.42)
      activesupport
    xikolo-file (1.8.1)
      acfs (~> 0.21, >= 0.21.1)
      activesupport
    xikolo-helpdesk (0.2.2)
      acfs (~> 0.25, >= 0.25.0)
      activesupport
    xikolo-pinboard (4.39)
      acfs (~> 0.41)
      activesupport
      uuid4
    xikolo-quiz (2.2.0)
      acfs (~> 0.15)
      activesupport
      xikolo-richtext (~> 3.0)
    xikolo-richtext (3.1.1)
      acfs (~> 0.15)
      activesupport
    xikolo-submission (3.0)
      acfs (~> 0.32)
      activesupport
      xikolo-quiz (~> 2.0)
    xikolo-video (4.13.0)
      acfs (~> 0.31)
      activesupport
      xikolo-file (~> 1.0)
    zip-zip (0.3)
      rubyzip (>= 1.0.0)

PLATFORMS
  ruby

DEPENDENCIES
  accept_values_for
  acfs (~> 0.42)
  api-responder
  axlsx
  axlsx_rails
  better_errors
  binding_of_caller
  browser
  business_time
  coffee-rails (~> 4.0.0)
  connection_pool
  database_cleaner
  decorate-responder
  draper
  elasticsearch
  elasticsearch-transport
  factory_girl_rails
  forgery
  geminabox-rake (~> 1.1)
  geoip
  iso_country_codes
  jbuilder (~> 2.0)
  jquery-rails
  link_header
  mechanize
  meta_request
  msgr
  multi_json
  murmurhash3
  neo4j-core
  newrelic_rpm
  os
  paginate-responder
  paper_trail
  pg
  pry-byebug
  rack-remote
  rails (~> 4.2.5)
  rails-api
  rails-rfc6570 (~> 0.3)
  redis-activesupport
  responders
  rest-client
  restify (~> 1.0)
  rserve-client (~> 0.3.1)
  rspec-collection_matchers
  rspec-its
  rspec-rails
  rspec-sidekiq
  ruby-prof
  ruby-progressbar
  rubyzip (~> 1.1.0)
  sass-rails (~> 4.0.3)
  sdoc (~> 0.4.0)
  sidekiq
  sidekiq-cron
  simplecov
  slim
  sorcery
  spring
  therubyracer
  turbolinks
  uglifier (>= 1.3.0)
  unicorn
  uuid4
  validates_email_format_of
  webmock
  will_paginate
  xikolo-account
  xikolo-common (~> 1.4)
  xikolo-config (~> 1.66)
  xikolo-course (~> 9.9.0)
  xikolo-file (~> 1.8.1)
  xikolo-helpdesk
  xikolo-pinboard (~> 4.39)
  xikolo-quiz
  xikolo-richtext
  xikolo-submission
  xikolo-video
  zip-zip
  zipruby-compat!

BUNDLED WITH
   1.14.6
